GEM
  remote: https://rubygems.org/
  specs:
    daemons (1.1.9)
    dicom (0.9.3)
    eventmachine (1.0.3)
    json_pure (1.8.0)
    narray (0.6.0.1)
    rack (1.5.2)
    rack-protection (1.5.0)
      rack
    rake (10.0.4)
    rmagick (2.13.2)
    rtkit (0.7)
      dicom (= 0.9.3)
      narray (= 0.6.0.1)
    rtp-connect (1.4)
    ruby-hl7 (1.0.3)
      rake (>= 0.8.7)
      rubyforge (>= 2.0.4)
    rubyforge (2.0.4)
      json_pure (>= 1.1.7)
    shotgun (0.9)
      rack (>= 1.0)
    sinatra (1.4.3)
      rack (~> 1.4)
      rack-protection (~> 1.4)
      tilt (~> 1.3, >= 1.3.4)
    thin (1.5.1)
      daemons (>= 1.0.9)
      eventmachine (>= 0.12.6)
      rack (>= 1.0.0)
    tilt (1.4.1)

PLATFORMS
  ruby

DEPENDENCIES
  dicom
  rmagick
  rtkit
  rtp-connect
  ruby-hl7
  shotgun
  sinatra
  thin
